GEM
  remote: https://rubygems.org/
  specs:
    coderay (1.1.1)
    metaclass (0.0.4)
    method_source (0.8.2)
    minitest (5.9.0)
    mocha (1.1.0)
      metaclass (~> 0.0.1)
    pry (0.10.3)
      coderay (~> 1.1.0)
      method_source (~> 0.8.1)
      slop (~> 3.4)
    puma (3.4.0)
    rack (1.6.4)
    rack-esa_webhooks (1.0.0)
    rack-protection (1.5.3)
      rack
    rack-test (0.6.3)
      rack (>= 1.0)
    rake (11.1.2)
    sinatra (1.4.7)
      rack (~> 1.5)
      rack-protection (~> 1.4)
      tilt (>= 1.3, < 3)
    slop (3.6.0)
    tilt (2.0.4)

PLATFORMS
  ruby

DEPENDENCIES
  minitest
  mocha
  pry
  puma
  rack-esa_webhooks
  rack-test
  rake
  sinatra

RUBY VERSION
   ruby 2.3.1p112

BUNDLED WITH
   1.12.3
